GIT
  remote: git://github.com/yewton/kitchen-ansible.git
  revision: e881c656e03e47d2efbbae32bc70866c06b33fd2
  branch: fix-error-on-diagnose
  specs:
    kitchen-ansible (0.0.17)
      librarian-ansible
      test-kitchen

GEM
  remote: https://rubygems.org/
  specs:
    faraday (0.9.1)
      multipart-post (>= 1.2, < 3)
    highline (1.7.2)
    kitchen-docker_cli (0.12.1)
      test-kitchen (>= 1.3)
    librarian (0.1.2)
      highline
      thor (~> 0.15)
    librarian-ansible (1.0.6)
      faraday
      librarian (~> 0.1.0)
    mixlib-shellout (2.1.0)
    multipart-post (2.0.0)
    net-scp (1.2.1)
      net-ssh (>= 2.6.5)
    net-ssh (2.9.2)
    safe_yaml (1.0.4)
    test-kitchen (1.4.1)
      mixlib-shellout (>= 1.2, < 3.0)
      net-scp (~> 1.1)
      net-ssh (~> 2.7)
      safe_yaml (~> 1.0)
      thor (~> 0.18)
    thor (0.19.1)

PLATFORMS
  ruby

DEPENDENCIES
  kitchen-ansible!
  kitchen-docker_cli (~> 0.12.1)
  test-kitchen (~> 1.4.1)
